GEM
  remote: https://rubygems.org/
  specs:
    activemodel (7.0.7)
      activesupport (= 7.0.7)
    activerecord (7.0.7)
      activemodel (= 7.0.7)
      activesupport (= 7.0.7)
    activerecord-import (1.4.1)
      activerecord (>= 4.2)
    activesupport (7.0.7)
      concurrent-ruby (~> 1.0, >= 1.0.2)
      i18n (>= 1.6, < 2)
      minitest (>= 5.1)
      tzinfo (~> 2.0)
    bip-schnorr (0.6.0)
      ecdsa_ext (~> 0.5.0)
    concurrent-ruby (1.2.2)
    ecdsa (1.2.0)
    ecdsa_ext (0.5.0)
      ecdsa (~> 1.2.0)
    i18n (1.14.1)
      concurrent-ruby (~> 1.0)
    minitest (5.19.0)
    pg (1.5.3)
    tzinfo (2.0.6)
      concurrent-ruby (~> 1.0)

PLATFORMS
  x86_64-linux

DEPENDENCIES
  activerecord (~> 7.0.7)
  activerecord-import (~> 1.4)
  bip-schnorr (= 0.6.0)
  ecdsa (= 1.2.0)
  ecdsa_ext (= 0.5.0)
  pg (~> 1.5)

RUBY VERSION
   ruby 3.2.2p53

BUNDLED WITH
   2.4.13
